GEM
  remote: https://rubygems.org/
  specs:
    json (1.8.3)
    rake (10.5.0)

PLATFORMS
  ruby

DEPENDENCIES
  json
  rake

BUNDLED WITH
   1.13.6
